GEM
  remote: http://rubygems.org/
  specs:
    backports (3.13.0)
    engineer_calculator (1.0.0)
    multi_json (1.13.1)
    mustermann (1.0.3)
    rack (2.0.7)
    rack-protection (2.0.5)
      rack
    rack-subdomain (0.0.2)
    sinatra (2.0.5)
      mustermann (~> 1.0)
      rack (~> 2.0)
      rack-protection (= 2.0.5)
      tilt (~> 2.0)
    sinatra-contrib (2.0.5)
      backports (>= 2.8.2)
      multi_json
      mustermann (~> 1.0)
      rack-protection (= 2.0.5)
      sinatra (= 2.0.5)
      tilt (>= 1.3, < 3)
    sinatra-subdomain (0.3.0)
      sinatra
    tilt (2.0.9)

PLATFORMS
  ruby

DEPENDENCIES
  engineer_calculator
  rack-subdomain
  sinatra
  sinatra-contrib
  sinatra-subdomain

BUNDLED WITH
   1.17.2
